GEM
  remote: https://rubygems.org/
  specs:
    awesome_print (1.7.0)
    coderay (1.1.1)
    colorize (0.8.1)
    coolline (0.5.0)
      unicode_utils (~> 1.4)
    domain_name (0.5.20160615)
      unf (>= 0.0.5, < 1.0.0)
    ffi (1.9.14-x64-mingw32)
    hirb (0.7.3)
    http-cookie (1.0.2)
      domain_name (~> 0.5)
    method_source (0.8.2)
    mime-types (3.1)
      mime-types-data (~> 3.2015)
    mime-types-data (3.2016.0521)
    netrc (0.11.0)
    pry (0.10.4)
      coderay (~> 1.1.0)
      method_source (~> 0.8.1)
      slop (~> 3.4)
    rake (11.2.2)
    redis (3.3.1)
    require_all (1.3.3)
    rest-client (2.0.0-x64-mingw32)
      ffi (~> 1.9)
      http-cookie (>= 1.0.2, < 2.0)
      mime-types (>= 1.16, < 4.0)
      netrc (~> 0.8)
    ruby-kafka (0.3.14)
    slop (3.6.0)
    table_print (1.5.6)
    unf (0.1.4)
      unf_ext
    unf_ext (0.0.7.2-x64-mingw32)
    unicode_utils (1.4.0)

PLATFORMS
  x64-mingw32

DEPENDENCIES
  awesome_print
  colorize
  coolline
  hirb
  pry
  rake
  redis
  require_all
  rest-client
  ruby-kafka
  table_print

BUNDLED WITH
   1.12.5
